GIT
  remote: git://github.com/TriKro/omniauth-linkedin.git
  revision: 8fe6ea1894d6cc27558d45713a08d1e55c4991c7
  specs:
    omniauth-linkedin (0.0.8)
      omniauth-oauth (~> 1.0)

GIT
  remote: git://github.com/TriKro/omniauth-meetup.git
  revision: 4692c7654a9823dc15c4e2f91eacf6ef43e77eb7
  specs:
    omniauth-meetup (0.0.6)
      omniauth (~> 1.0)
      omniauth-oauth2 (~> 1.0)

GIT
  remote: git://github.com/pbajaria/rmeetup.git
  revision: 334c18dfdf68cc00abf5866f4d3ff82bfccdd868
  specs:
    rmeetup (1.0.0)

GIT
  remote: https://github.com/alexagui/gollum
  revision: ab17f8bcd6d0e1d8f2472ee254dde3632562d5a8
  branch: v2.4.11-lsc
  specs:
    gollum (2.4.11)
      github-markdown (~> 0.5.3)
      github-markup (>= 0.7.4, < 1.0.0)
      grit (~> 2.5.0)
      mustache (>= 0.99.4, < 1.0.0)
      nokogiri (~> 1.5.5)
      pygments.rb (~> 0.3.2)
      sanitize (~> 2.0.3)
      sinatra (~> 1.3.3)
      stringex (~> 1.5.1)
      useragent (~> 0.4.15)

GIT
  remote: https://github.com/thoughtbot/capybara-webkit.git
  revision: 9bbf4f6b5572f7c63485f6eca915b49c581b13b2
  specs:
    capybara-webkit (1.0.0)
      capybara (~> 2.0, >= 2.0.2)
      json

GEM
  remote: https://rubygems.org/
  specs:
    actionmailer (3.2.13)
      actionpack (= 3.2.13)
      mail (~> 2.5.3)
    actionpack (3.2.13)
      activemodel (= 3.2.13)
      activesupport (= 3.2.13)
      builder (~> 3.0.0)
      erubis (~> 2.7.0)
      journey (~> 1.0.4)
      rack (~> 1.4.5)
      rack-cache (~> 1.2)
      rack-test (~> 0.6.1)
      sprockets (~> 2.2.1)
    activemodel (3.2.13)
      activesupport (= 3.2.13)
      builder (~> 3.0.0)
    activerecord (3.2.13)
      activemodel (= 3.2.13)
      activesupport (= 3.2.13)
      arel (~> 3.0.2)
      tzinfo (~> 0.3.29)
    activeresource (3.2.13)
      activemodel (= 3.2.13)
      activesupport (= 3.2.13)
    activesupport (3.2.13)
      i18n (= 0.6.1)
      multi_json (~> 1.0)
    airbrake (3.1.12)
      activesupport
      builder
      json
    arel (3.0.2)
    awesome_print (1.1.0)
    bcrypt-ruby (3.0.1)
    builder (3.0.4)
    cancan (1.6.10)
    capistrano (2.15.4)
      highline
      net-scp (>= 1.0.0)
      net-sftp (>= 2.0.0)
      net-ssh (>= 2.0.14)
      net-ssh-gateway (>= 1.1.0)
    capistrano-unicorn (0.1.9)
      capistrano
    capybara (2.1.0)
      mime-types (>= 1.16)
      nokogiri (>= 1.3.3)
      rack (>= 1.0.0)
      rack-test (>= 0.5.4)
      xpath (~> 2.0)
    childprocess (0.3.9)
      ffi (~> 1.0, >= 1.0.11)
    chunky_png (1.2.8)
    code_analyzer (0.3.2)
      sexp_processor
    coderay (1.0.9)
    coffee-rails (3.2.2)
      coffee-script (>= 2.2.0)
      railties (~> 3.2.0)
    coffee-script (2.2.0)
      coffee-script-source
      execjs
    coffee-script-source (1.6.2)
    colored (1.2)
    columnize (0.3.6)
    compass (0.12.2)
      chunky_png (~> 1.2)
      fssm (>= 0.2.7)
      sass (~> 3.1)
    compass-rails (1.0.3)
      compass (>= 0.12.2, < 0.14)
    cucumber (1.3.2)
      builder (>= 2.1.2)
      diff-lcs (>= 1.1.3)
      gherkin (~> 2.12.0)
      multi_json (~> 1.3)
    cucumber-rails (1.3.1)
      capybara (>= 1.1.2)
      cucumber (>= 1.2.0)
      nokogiri (>= 1.5.0)
      rails (~> 3.0)
    database_cleaner (1.0.1)
    debugger (1.6.0)
      columnize (>= 0.3.1)
      debugger-linecache (~> 1.2.0)
      debugger-ruby_core_source (~> 1.2.1)
    debugger-linecache (1.2.0)
    debugger-ruby_core_source (1.2.2)
    devise (2.2.4)
      bcrypt-ruby (~> 3.0)
      orm_adapter (~> 0.1)
      railties (~> 3.1)
      warden (~> 1.2.1)
    diff-lcs (1.2.4)
    dynamic_sitemaps (1.0.8)
    em-websocket (0.5.0)
      eventmachine (>= 0.12.9)
      http_parser.rb (~> 0.5.3)
    erubis (2.7.0)
    eventmachine (1.0.3)
    excon (0.23.0)
    execjs (1.4.0)
      multi_json (~> 1.0)
    expression_parser (0.9.0)
    factory_girl (4.2.0)
      activesupport (>= 3.0.0)
    factory_girl_rails (4.2.1)
      factory_girl (~> 4.2.0)
      railties (>= 3.0.0)
    fakeweb (1.3.0)
    faraday (0.8.7)
      multipart-post (~> 1.1)
    ffaker (1.16.1)
    ffi (1.9.0)
    figaro (0.6.4)
      bundler (~> 1.0)
      rails (>= 3, < 5)
    formatador (0.2.4)
    friendly_id (4.0.9)
    fssm (0.2.10)
    geocoder (1.1.8)
    gherkin (2.12.0)
      multi_json (~> 1.3)
    github-markdown (0.5.3)
    github-markup (0.7.5)
    gmaps4rails (1.5.6)
    grit (2.5.0)
      diff-lcs (~> 1.1)
      mime-types (~> 1.15)
      posix-spawn (~> 0.3.6)
    growl (1.0.3)
    guard (1.8.1)
      formatador (>= 0.2.4)
      listen (>= 1.0.0)
      lumberjack (>= 1.0.2)
      pry (>= 0.9.10)
      thor (>= 0.14.6)
    guard-bundler (1.0.0)
      bundler (~> 1.0)
      guard (~> 1.1)
    guard-coffeescript (1.3.2)
      coffee-script (>= 2.2.0)
      guard (>= 1.1.0)
    guard-cucumber (1.4.0)
      cucumber (>= 1.2.0)
      guard (>= 1.1.0)
    guard-haml (0.5)
      guard (>= 1.1)
      haml (>= 3.0)
    guard-jasmine (1.16.0)
      childprocess
      guard (>= 1.1.0)
      multi_json
      thor
      tilt
    guard-livereload (1.4.0)
      em-websocket (>= 0.5.0)
      guard (>= 1.8.0)
      multi_json (~> 1.7)
    guard-rails (0.4.3)
      guard (>= 0.2.2)
    guard-rspec (3.0.2)
      guard (>= 1.8)
      rspec (~> 2.13)
    guard-spork (1.5.0)
      childprocess (>= 0.2.3)
      guard (>= 1.1)
      spork (>= 0.8.4)
    haml (4.0.3)
      tilt
    haml-rails (0.4)
      actionpack (>= 3.1, < 4.1)
      activesupport (>= 3.1, < 4.1)
      haml (>= 3.1, < 4.1)
      railties (>= 3.1, < 4.1)
    hashie (2.0.5)
    heroku-api (0.3.12)
      excon (~> 0.23.0)
    heroku_san (4.2.5)
      heroku-api (>= 0.1.2)
      rake
    highline (1.6.19)
    hike (1.2.3)
    http_parser.rb (0.5.3)
    httpauth (0.2.0)
    i18n (0.6.1)
    journey (1.0.4)
    jquery-rails (3.0.1)
      railties (>= 3.0, < 5.0)
      thor (>= 0.14, < 2.0)
    json (1.7.3)
    jwt (0.1.8)
      multi_json (>= 1.5)
    kgio (2.8.0)
    listen (1.2.2)
      rb-fsevent (>= 0.9.3)
      rb-inotify (>= 0.9)
      rb-kqueue (>= 0.2)
    lumberjack (1.0.3)
    mail (2.5.4)
      mime-types (~> 1.16)
      treetop (~> 1.4.8)
    method_source (0.8.1)
    mime-types (1.23)
    multi_json (1.7.7)
    multipart-post (1.2.0)
    mustache (0.99.4)
    net-scp (1.1.1)
      net-ssh (>= 2.6.5)
    net-sftp (2.1.2)
      net-ssh (>= 2.6.5)
    net-ssh (2.6.7)
    net-ssh-gateway (1.2.0)
      net-ssh (>= 2.6.5)
    newrelic_rpm (3.6.4.122)
    nifty-generators (0.4.6)
    nokogiri (1.5.5)
    oauth (0.4.7)
    oauth2 (0.8.1)
      faraday (~> 0.8)
      httpauth (~> 0.1)
      jwt (~> 0.1.4)
      multi_json (~> 1.0)
      rack (~> 1.2)
    omniauth (1.1.4)
      hashie (>= 1.2, < 3)
      rack
    omniauth-oauth (1.0.1)
      oauth
      omniauth (~> 1.0)
    omniauth-oauth2 (1.1.1)
      oauth2 (~> 0.8.0)
      omniauth (~> 1.0)
    omniauth-twitter (0.0.17)
      multi_json (~> 1.3)
      omniauth-oauth (~> 1.0)
    orm_adapter (0.4.0)
    pg (0.15.1)
    polyglot (0.3.3)
    posix-spawn (0.3.6)
    pry (0.9.12.2)
      coderay (~> 1.0.5)
      method_source (~> 0.8)
      slop (~> 3.4)
    pygments.rb (0.3.7)
      posix-spawn (~> 0.3.6)
      yajl-ruby (~> 1.1.0)
    rack (1.4.5)
    rack-cache (1.2)
      rack (>= 0.4)
    rack-protection (1.5.0)
      rack
    rack-ssl (1.3.3)
      rack
    rack-test (0.6.2)
      rack (>= 1.0)
    rails (3.2.13)
      actionmailer (= 3.2.13)
      actionpack (= 3.2.13)
      activerecord (= 3.2.13)
      activeresource (= 3.2.13)
      activesupport (= 3.2.13)
      bundler (~> 1.0)
      railties (= 3.2.13)
    rails_best_practices (1.13.7)
      activesupport
      awesome_print
      code_analyzer
      colored
      erubis
      i18n
      ruby-progressbar
    railties (3.2.13)
      actionpack (= 3.2.13)
      activesupport (= 3.2.13)
      rack-ssl (~> 1.3.2)
      rake (>= 0.8.7)
      rdoc (~> 3.4)
      thor (>= 0.14.6, < 2.0)
    raindrops (0.11.0)
    rake (10.0.4)
    rb-fchange (0.0.6)
      ffi
    rb-fsevent (0.9.3)
    rb-inotify (0.9.0)
      ffi (>= 0.5.0)
    rb-kqueue (0.2.0)
      ffi (>= 0.5.0)
    rdoc (3.12.2)
      json (~> 1.4)
    recaptcha (0.3.5)
    rspec (2.13.0)
      rspec-core (~> 2.13.0)
      rspec-expectations (~> 2.13.0)
      rspec-mocks (~> 2.13.0)
    rspec-core (2.13.1)
    rspec-expectations (2.13.0)
      diff-lcs (>= 1.1.3, < 2.0)
    rspec-mocks (2.13.1)
    rspec-rails (2.13.2)
      actionpack (>= 3.0)
      activesupport (>= 3.0)
      railties (>= 3.0)
      rspec-core (~> 2.13.0)
      rspec-expectations (~> 2.13.0)
      rspec-mocks (~> 2.13.0)
    ruby-progressbar (1.1.1)
    sanitize (2.0.3)
      nokogiri (>= 1.4.4, < 1.6)
    sass (3.2.9)
    sass-rails (3.2.6)
      railties (~> 3.2.0)
      sass (>= 3.1.10)
      tilt (~> 1.3)
    sexp_processor (4.2.1)
    shoulda (3.5.0)
      shoulda-context (~> 1.0, >= 1.0.1)
      shoulda-matchers (>= 1.4.1, < 3.0)
    shoulda-context (1.1.2)
    shoulda-matchers (2.2.0)
      activesupport (>= 3.0.0)
    simplecov (0.7.1)
      multi_json (~> 1.0)
      simplecov-html (~> 0.7.1)
    simplecov-html (0.7.1)
    sinatra (1.3.6)
      rack (~> 1.4)
      rack-protection (~> 1.3)
      tilt (~> 1.3, >= 1.3.3)
    slop (3.4.5)
    spork (0.9.2)
    sprockets (2.2.2)
      hike (~> 1.2)
      multi_json (~> 1.0)
      rack (~> 1.0)
      tilt (~> 1.1, != 1.3.0)
    sqlite3 (1.3.7)
    stringex (1.5.1)
    thor (0.18.1)
    tilt (1.4.1)
    treetop (1.4.14)
      polyglot
      polyglot (>= 0.3.1)
    tzinfo (0.3.37)
    uglifier (2.1.1)
      execjs (>= 0.3.0)
      multi_json (~> 1.0, >= 1.0.2)
    unicorn (4.6.2)
      kgio (~> 2.6)
      rack
      raindrops (~> 0.7)
    useragent (0.4.16)
    warden (1.2.1)
      rack (>= 1.0)
    wikicloth (0.8.0)
      builder
      expression_parser
    xpath (2.0.0)
      nokogiri (~> 1.3)
    yajl-ruby (1.1.0)

PLATFORMS
  ruby

DEPENDENCIES
  airbrake
  awesome_print
  cancan
  capistrano-unicorn
  capybara
  capybara-webkit!
  coffee-rails
  compass-rails
  cucumber-rails
  database_cleaner
  debugger
  devise
  dynamic_sitemaps
  factory_girl_rails
  fakeweb
  ffaker
  figaro
  friendly_id
  geocoder
  gmaps4rails
  gollum!
  growl
  guard
  guard-bundler
  guard-coffeescript
  guard-cucumber
  guard-haml
  guard-jasmine
  guard-livereload
  guard-rails
  guard-rspec
  guard-spork
  haml-rails
  heroku_san
  jquery-rails
  json (= 1.7.3)
  newrelic_rpm
  nifty-generators
  nokogiri (= 1.5.5)
  omniauth
  omniauth-linkedin!
  omniauth-meetup!
  omniauth-twitter
  pg
  rails (~> 3.2.12)
  rails_best_practices
  rb-fchange
  rb-fsevent
  rb-inotify
  recaptcha
  rmeetup!
  rspec-rails
  sass-rails
  shoulda
  simplecov
  spork
  sqlite3
  uglifier
  unicorn
  wikicloth
